GEM
  remote: https://rubygems.org/
  specs:
    cpf_cnpj (0.2.1)
    os (1.1.4)

PLATFORMS
  x86_64-linux

DEPENDENCIES
  cpf_cnpj (~> 0.2.1)
  os

BUNDLED WITH
   2.3.23
